GEM
  specs:
    allure-rspec (2.14.1)
      allure-ruby-commons (= 2.14.1)
      rspec-core (>= 3.8, < 4)
    allure-ruby-commons (2.14.1)
      mime-types (>= 3.3, < 4)
      oj (>= 3.10, < 4)
      require_all (>= 2, < 4)
      uuid (>= 2.3, < 3)
    childprocess (3.0.0)
    macaddr (1.7.2)
      systemu (~> 2.6.5)
    mime-types (3.3.1)
      mime-types-data (~> 3.2015)
    mime-types-data (3.2021.0225)
    nokogiri (1.11.7-x86_64-darwin)
      racc (~> 1.4)
    oj (3.11.7)
    power_assert (1.2.0)
    racc (1.5.1)
    require_all (3.0.0)
    roo (2.8.3)
      nokogiri (~> 1)
      rubyzip (>= 1.3.0, < 3.0.0)
    rspec-core (3.10.1)
      rspec-support (~> 3.10.0)
    rspec-support (3.10.2)
    rubyzip (2.3.0)
    selenium-webdriver (3.142.7)
      childprocess (>= 0.5, < 4.0)
      rubyzip (>= 1.2.2)
    systemu (2.6.5)
    test-unit (3.3.7)
      power_assert
    uuid (2.3.9)
      macaddr (~> 1.0)

PLATFORMS
  x86_64-darwin-20

DEPENDENCIES
  allure-rspec
  roo
  selenium-webdriver
  test-unit

BUNDLED WITH
   2.2.17
